GEM
  remote: https://rubygems.org/
  specs:
    flog (4.3.2)
      ruby_parser (~> 3.1, > 3.1.0)
      sexp_processor (~> 4.4)
    minitest (5.8.3)
    rake (10.4.2)
    ruby_parser (3.7.2)
      sexp_processor (~> 4.1)
    sexp_processor (4.6.0)

PLATFORMS
  ruby

DEPENDENCIES
  flog!
  minitest!
  rake!

BUNDLED WITH
   1.10.6
