GEM
  remote: https://rubygems.org/
  specs:
    diff-lcs (1.2.5)
    flog (4.3.2)
      ruby_parser (~> 3.1, > 3.1.0)
      sexp_processor (~> 4.4)
    given_core (3.7.1)
      sorcerer (>= 0.3.7)
    rake (10.4.2)
    rspec (3.4.0)
      rspec-core (~> 3.4.0)
      rspec-expectations (~> 3.4.0)
      rspec-mocks (~> 3.4.0)
    rspec-core (3.4.1)
      rspec-support (~> 3.4.0)
    rspec-expectations (3.4.0)
      diff-lcs (>= 1.2.0, < 2.0)
      rspec-support (~> 3.4.0)
    rspec-given (3.7.1)
      given_core (= 3.7.1)
      rspec (>= 2.14.0)
    rspec-mocks (3.4.0)
      diff-lcs (>= 1.2.0, < 2.0)
      rspec-support (~> 3.4.0)
    rspec-support (3.4.1)
    ruby_parser (3.7.2)
      sexp_processor (~> 4.1)
    sexp_processor (4.6.0)
    sorcerer (1.0.2)

PLATFORMS
  ruby

DEPENDENCIES
  flog!
  rake!
  rspec!
  rspec-given!

BUNDLED WITH
   1.10.6
